PATH
  remote: continuously/lib/docker_peer
  specs:
    docker_peer (0.0.1)
      docker

GEM
  remote: https://rubygems.org/
  specs:
    archive-tar-minitar (0.5.2)
    docker (0.0.1)
    docker-api (1.10.4)
      archive-tar-minitar
      excon (>= 0.28)
      json
    excon (0.32.1)
    json (1.8.1)
    mixlib-shellout (1.3.0)

PLATFORMS
  ruby

DEPENDENCIES
  docker-api
  docker_peer!
  json
  mixlib-shellout
