PATH
  remote: continuously/lib/docker_peer
  specs:
    docker_peer (0.0.1)
      docker

GEM
  remote: https://rubygems.org/
  specs:
    docker (0.0.1)
    mixlib-shellout (1.3.0)

PLATFORMS
  ruby

DEPENDENCIES
  docker_peer!
  mixlib-shellout
